GEM
  remote: http://rubygems.org/
  specs:
    barby (0.6.1)
    dotenv (0.11.1)
      dotenv-deployment (~> 0.0.2)
    dotenv-deployment (0.0.2)
    foreman (0.74.0)
      dotenv (~> 0.11.1)
      thor (~> 0.19.1)
    haml (4.0.5)
      tilt
    json (1.8.0-java)
    nokogiri (1.6.3.1-java)
    pdf-core (0.2.5)
    prawn (1.0.0)
      pdf-core (~> 0.2.2)
      ttfunk (~> 1.1.1)
    puma (2.9.0-java)
      rack (>= 1.1, < 2.0)
    rack (1.5.2)
    rack-protection (1.5.3)
      rack
    rake (10.3.2)
    redis (3.1.0)
    ruby_danfe (1.11.5)
      barby
      nokogiri
      prawn (~> 1.0.0)
      rake
    sinatra (1.4.5)
      rack (~> 1.4)
      rack-protection (~> 1.4)
      tilt (~> 1.3, >= 1.3.4)
    thor (0.19.1)
    tilt (1.4.1)
    ttfunk (1.1.1)

PLATFORMS
  java

DEPENDENCIES
  foreman
  haml
  json
  puma
  redis
  ruby_danfe
  sinatra
